GEM
  remote: https://rubygems.org/
  specs:
    coderay (1.1.3)
    gserver (0.0.1)
    method_source (1.0.0)
    net-http-server (0.2.2)
      parslet (~> 1.0)
    parslet (1.8.2)
    pry (0.13.1)
      coderay (~> 1.1)
      method_source (~> 1.0)

PLATFORMS
  ruby

DEPENDENCIES
  gserver (~> 0.0.1)
  net-http-server (~> 0.2.2)
  pry (~> 0.13.1)

BUNDLED WITH
   2.1.4
